GEM
  remote: https://rubygems.org/
  specs:
    diff-lcs (1.3)
    grit (2.5.0)
      diff-lcs (~> 1.1)
      mime-types (~> 1.15)
      posix-spawn (~> 0.3.6)
    mime-types (1.25.1)
    mustermann (1.0.1)
    posix-spawn (0.3.13)
    rack (2.0.3)
    rack-protection (2.0.0)
      rack
    sinatra (2.0.0)
      mustermann (~> 1.0)
      rack (~> 2.0)
      rack-protection (= 2.0.0)
      tilt (~> 2.0)
    tilt (2.0.8)
    yajl-ruby (1.3.1)

PLATFORMS
  ruby

DEPENDENCIES
  grit
  sinatra
  yajl-ruby

BUNDLED WITH
   1.14.6
